GIT
  remote: https://github.com/benbasson/coderay.git
  revision: a758e83ca75a6ce61464dd971880c86db9458104
  branch: oracle-sql-plsql
  specs:
    coderay (1.1.1.rc1)

GEM
  remote: https://rubygems.org/
  specs:
    activesupport (5.1.3)
      concurrent-ruby (~> 1.0, >= 1.0.2)
      i18n (~> 0.7)
      minitest (~> 5.1)
      tzinfo (~> 1.1)
    backports (3.8.0)
    concurrent-ruby (1.0.5)
    daemons (1.2.4)
    diff-lcs (1.3)
    eventmachine (1.2.5-x86-mingw32)
    haml (5.0.2)
      temple (>= 0.8.0)
      tilt
    hashugar (1.0.1)
    httparty (0.15.6)
      multi_xml (>= 0.5.2)
    i18n (0.8.6)
    json (2.0.3)
    kramdown (1.14.0)
    minitest (5.10.3)
    multi_json (1.12.1)
    multi_xml (0.6.0)
    mustermann (1.0.1)
    newrelic_rpm (4.4.0.336)
    preamble (0.0.3)
      rspec
    rack (2.0.3)
    rack-protection (2.0.0)
      rack
    rspec (3.6.0)
      rspec-core (~> 3.6.0)
      rspec-expectations (~> 3.6.0)
      rspec-mocks (~> 3.6.0)
    rspec-core (3.6.0)
      rspec-support (~> 3.6.0)
    rspec-expectations (3.6.0)
      diff-lcs (>= 1.2.0, < 2.0)
      rspec-support (~> 3.6.0)
    rspec-mocks (3.6.0)
      diff-lcs (>= 1.2.0, < 2.0)
      rspec-support (~> 3.6.0)
    rspec-support (3.6.0)
    sinatra (2.0.0)
      mustermann (~> 1.0)
      rack (~> 2.0)
      rack-protection (= 2.0.0)
      tilt (~> 2.0)
    sinatra-contrib (2.0.0)
      backports (>= 2.0)
      multi_json
      mustermann (~> 1.0)
      rack-protection (= 2.0.0)
      sinatra (= 2.0.0)
      tilt (>= 1.3, < 3)
    temple (0.8.0)
    thin (1.7.2)
      daemons (~> 1.0, >= 1.0.9)
      eventmachine (~> 1.0, >= 1.0.4)
      rack (>= 1, < 3)
    thread_safe (0.3.6)
    tilt (2.0.8)
    tzinfo (1.2.3)
      thread_safe (~> 0.1)

PLATFORMS
  x86-mingw32

DEPENDENCIES
  activesupport
  coderay!
  haml
  hashugar
  httparty
  json
  kramdown
  newrelic_rpm
  preamble
  rack
  sinatra
  sinatra-contrib
  thin

RUBY VERSION
   ruby 2.3.1p112

BUNDLED WITH
   1.14.6
