GIT
  remote: https://github.com/benbasson/coderay.git
  revision: a758e83ca75a6ce61464dd971880c86db9458104
  branch: oracle-sql-plsql
  specs:
    coderay (1.1.1.rc1)

GIT
  remote: https://github.com/benbasson/git-version-bump.git
  revision: b9274a908148f11df08d8e20a6c914b6813c52fd
  branch: windows-compatibility
  specs:

GEM
  remote: https://rubygems.org/
  specs:
    activesupport (5.0.0.1)
      concurrent-ruby (~> 1.0, >= 1.0.2)
      i18n (~> 0.7)
      minitest (~> 5.1)
      tzinfo (~> 1.1)
    backports (3.6.8)
    concurrent-ruby (1.0.2)
    daemons (1.2.4)
    diff-lcs (1.2.5)
    eventmachine (1.2.1-x86-mingw32)
    haml (4.0.7)
      tilt
    hashugar (1.0.1)
    httparty (0.14.0)
      multi_xml (>= 0.5.2)
    i18n (0.7.0)
    kramdown (1.13.1)
    minitest (5.9.1)
    multi_json (1.12.1)
    multi_xml (0.5.5)
    newrelic_rpm (3.17.1.326)
    preamble (0.0.3)
      rspec
    rack (1.6.5)
    rack-contrib (1.2.0)
      rack (>= 0.9.1)
    rack-protection (1.5.3)
      rack
    rack-test (0.6.3)
      rack (>= 1.0)
    rspec (3.5.0)
      rspec-core (~> 3.5.0)
      rspec-expectations (~> 3.5.0)
      rspec-mocks (~> 3.5.0)
    rspec-core (3.5.4)
      rspec-support (~> 3.5.0)
    rspec-expectations (3.5.0)
      diff-lcs (>= 1.2.0, < 2.0)
      rspec-support (~> 3.5.0)
    rspec-mocks (3.5.0)
      diff-lcs (>= 1.2.0, < 2.0)
      rspec-support (~> 3.5.0)
    rspec-support (3.5.0)
    sinatra (1.4.7)
      rack (~> 1.5)
      rack-protection (~> 1.4)
      tilt (>= 1.3, < 3)
    sinatra-contrib (1.4.7)
      backports (>= 2.0)
      multi_json
      rack-protection
      rack-test
      sinatra (~> 1.4.0)
      tilt (>= 1.3, < 3)
    thin (1.7.0)
      daemons (~> 1.0, >= 1.0.9)
      eventmachine (~> 1.0, >= 1.0.4)
      rack (>= 1, < 3)
    thread_safe (0.3.5)
    tilt (2.0.5)
    tzinfo (1.2.2)
      thread_safe (~> 0.1)

PLATFORMS
  x86-mingw32

DEPENDENCIES
  activesupport
  coderay!
  git-version-bump!
  haml
  hashugar
  httparty
  kramdown
  newrelic_rpm
  preamble
  rack-contrib
  sinatra
  sinatra-contrib
  thin

BUNDLED WITH
   1.13.6
