GIT
  remote: https://github.com/benbasson/coderay.git
  revision: a758e83ca75a6ce61464dd971880c86db9458104
  branch: oracle-sql-plsql
  specs:
    coderay (1.1.1.rc1)

GIT
  remote: https://github.com/benbasson/git-version-bump.git
  revision: b132ba4d32a82cafe203e731192ee613d2f118b4
  branch: windows-compatibility
  specs:

GIT
  remote: https://github.com/benbasson/preamble.git
  revision: f0ff2d94e73ab6bd7d1a569fe634cfc078b4528c
  branch: release
  tag: v0.0.3
  specs:
    preamble (0.0.3)
      rspec

GEM
  remote: https://rubygems.org/
  specs:
    actionpack (4.0.4)
      activesupport (= 4.0.4)
      builder (~> 3.1.0)
      erubis (~> 2.7.0)
      rack (~> 1.5.2)
      rack-test (~> 0.6.2)
    activesupport (4.0.4)
      i18n (~> 0.6, >= 0.6.9)
      minitest (~> 4.2)
      multi_json (~> 1.3)
      thread_safe (~> 0.1)
      tzinfo (~> 0.3.37)
    backports (3.6.8)
    builder (3.1.4)
    daemons (1.2.3)
    diff-lcs (1.2.5)
    erubis (2.7.0)
    eventmachine (1.2.0.1-x86-mingw32)
    haml (4.0.7)
      tilt
    hashugar (1.0.1)
    httparty (0.13.7)
      json (~> 1.8)
      multi_xml (>= 0.5.2)
    i18n (0.7.0)
    json (1.8.3)
    kramdown (1.10.0)
    minitest (4.7.5)
    multi_json (1.11.2)
    multi_xml (0.5.5)
    newrelic_rpm (3.15.1.316)
    rack (1.5.5)
    rack-contrib (1.2.0)
      rack (>= 0.9.1)
    rack-protection (1.5.3)
      rack
    rack-test (0.6.3)
      rack (>= 1.0)
    rspec (3.4.0)
      rspec-core (~> 3.4.0)
      rspec-expectations (~> 3.4.0)
      rspec-mocks (~> 3.4.0)
    rspec-core (3.4.4)
      rspec-support (~> 3.4.0)
    rspec-expectations (3.4.0)
      diff-lcs (>= 1.2.0, < 2.0)
      rspec-support (~> 3.4.0)
    rspec-mocks (3.4.1)
      diff-lcs (>= 1.2.0, < 2.0)
      rspec-support (~> 3.4.0)
    rspec-support (3.4.1)
    sinatra (1.4.7)
      rack (~> 1.5)
      rack-protection (~> 1.4)
      tilt (>= 1.3, < 3)
    sinatra-contrib (1.4.6)
      backports (>= 2.0)
      multi_json
      rack-protection
      rack-test
      sinatra (~> 1.4.0)
      tilt (>= 1.3, < 3)
    thin (1.6.4)
      daemons (~> 1.0, >= 1.0.9)
      eventmachine (~> 1.0, >= 1.0.4)
      rack (~> 1.0)
    thread_safe (0.3.5)
    tilt (2.0.2)
    tzinfo (0.3.48)

PLATFORMS
  x86-mingw32

DEPENDENCIES
  actionpack (= 4.0.4)
  activesupport
  coderay!
  git-version-bump!
  haml
  hashugar
  httparty
  kramdown
  newrelic_rpm
  preamble!
  rack-contrib
  sinatra
  sinatra-contrib
  thin
